GEM
  remote: http://rubygems.org/
  specs:
    bson (4.5.0)
    json (1.7.4)
    mongo (2.10.2)
      bson (>= 4.4.2, < 5.0.0)
    rack (1.6.11)
    rack-protection (1.2.0)
      rack
    sinatra (1.3.2)
      rack (~> 1.3, >= 1.3.6)
      rack-protection (~> 1.2)
      tilt (~> 1.3, >= 1.3.3)
    tilt (1.3.3)

PLATFORMS
  ruby

DEPENDENCIES
  json
  mongo
  sinatra
