GEM
  remote: http://rubygems.org/
  specs:
    bson (4.10.0)
    json (2.3.0)
    mongo (2.12.2)
      bson (>= 4.8.2, < 5.0.0)
    rack (1.4.1)
    rack-protection (1.2.0)
      rack
    sinatra (1.3.2)
      rack (~> 1.3, >= 1.3.6)
      rack-protection (~> 1.2)
      tilt (~> 1.3, >= 1.3.3)
    tilt (1.3.3)

PLATFORMS
  ruby

DEPENDENCIES
  json
  mongo
  sinatra
